GIT
  remote: git://github.com/ErwinM/acts_as_tenant.git
  revision: 0dc2e3648a67aa94c0fd29f3df57a29ad0ea2b63
  specs:
    acts_as_tenant (0.3.4)
      rails (>= 3.1)
      request_store (>= 1.0.5)

GIT
  remote: git://github.com/capistrano/chruby.git
  revision: 937784b624eea9822f5691d838453083e75d95f1
  ref: 937784b624eea9822f5691d838453083e75d95f1
  specs:
    capistrano-chruby (0.0.1)
      capistrano

GEM
  remote: https://rubygems.org/
  specs:
    actionmailer (4.0.2)
      actionpack (= 4.0.2)
      mail (~> 2.5.4)
    actionpack (4.0.2)
      activesupport (= 4.0.2)
      builder (~> 3.1.0)
      erubis (~> 2.7.0)
      rack (~> 1.5.2)
      rack-test (~> 0.6.2)
    activemodel (4.0.2)
      activesupport (= 4.0.2)
      builder (~> 3.1.0)
    activerecord (4.0.2)
      activemodel (= 4.0.2)
      activerecord-deprecated_finders (~> 1.0.2)
      activesupport (= 4.0.2)
      arel (~> 4.0.0)
    activerecord-deprecated_finders (1.0.3)
    activesupport (4.0.2)
      i18n (~> 0.6, >= 0.6.4)
      minitest (~> 4.2)
      multi_json (~> 1.3)
      thread_safe (~> 0.1)
      tzinfo (~> 0.3.37)
    addressable (2.3.5)
    annotate (2.6.1)
      activerecord (>= 2.3.0)
      rake (>= 0.8.7)
    arel (4.0.1)
    atomic (1.1.14)
    bcrypt-ruby (3.1.2)
    bootstrap-sass (2.3.2.2)
      sass (~> 3.2)
    builder (3.1.4)
    capistrano (3.1.0)
      i18n
      rake (>= 10.0.0)
      sshkit (~> 1.3)
    capistrano-bundler (1.1.1)
      capistrano (~> 3.0)
      sshkit (>= 1.2.0)
    capistrano-rails (1.1.1)
      capistrano (~> 3.1)
      capistrano-bundler (~> 1.1)
    capybara (2.2.1)
      mime-types (>= 1.16)
      nokogiri (>= 1.3.3)
      rack (>= 1.0.0)
      rack-test (>= 0.5.4)
      xpath (~> 2.0)
    celluloid (0.15.2)
      timers (~> 1.1.0)
    chronic (0.10.2)
    coffee-rails (4.0.1)
      coffee-script (>= 2.2.0)
      railties (>= 4.0.0, < 5.0)
    coffee-script (2.2.0)
      coffee-script-source
      execjs
    coffee-script-source (1.6.3)
    columnize (0.3.6)
    connection_pool (1.2.0)
    debugger (1.6.5)
      columnize (>= 0.3.1)
      debugger-linecache (~> 1.2.0)
      debugger-ruby_core_source (~> 1.3.1)
    debugger-linecache (1.2.0)
    debugger-ruby_core_source (1.3.1)
    devise (3.2.2)
      bcrypt-ruby (~> 3.0)
      orm_adapter (~> 0.1)
      railties (>= 3.2.6, < 5)
      thread_safe (~> 0.1)
      warden (~> 1.2.3)
    devise-async (0.9.0)
      devise (~> 3.2)
    diff-lcs (1.2.5)
    dotenv (0.9.0)
    dotenv-rails (0.9.0)
      dotenv (= 0.9.0)
    erubis (2.7.0)
    execjs (2.0.2)
    factory_girl (4.3.0)
      activesupport (>= 3.0.0)
    factory_girl_rails (4.3.0)
      factory_girl (~> 4.3.0)
      railties (>= 3.0.0)
    hike (1.2.3)
    i18n (0.6.9)
    jquery-rails (3.0.4)
      railties (>= 3.0, < 5.0)
      thor (>= 0.14, < 2.0)
    jquery-ui-rails (4.1.1)
      railties (>= 3.1.0)
    json (1.8.1)
    kgio (2.8.1)
    launchy (2.4.2)
      addressable (~> 2.3)
    letter_opener (1.2.0)
      launchy (~> 2.2)
    mail (2.5.4)
      mime-types (~> 1.16)
      treetop (~> 1.4.8)
    mime-types (1.25.1)
    mini_portile (0.5.2)
    minitest (4.7.5)
    multi_json (1.8.4)
    net-scp (1.1.2)
      net-ssh (>= 2.6.5)
    net-ssh (2.7.0)
    nokogiri (1.6.1)
      mini_portile (~> 0.5.0)
    orm_adapter (0.5.0)
    paper_trail (3.0.0)
      activerecord (>= 3.0, < 5.0)
      activesupport (>= 3.0, < 5.0)
    pg (0.17.1)
    polyglot (0.3.3)
    postmark (1.1.0)
      json
      rake
    postmark-rails (0.6.0)
      actionmailer (>= 3.0.0)
      postmark (~> 1.1.0)
    pundit (0.2.1)
      activesupport (>= 3.0.0)
    quiet_assets (1.0.2)
      railties (>= 3.1, < 5.0)
    rack (1.5.2)
    rack-protection (1.5.2)
      rack
    rack-test (0.6.2)
      rack (>= 1.0)
    rails (4.0.2)
      actionmailer (= 4.0.2)
      actionpack (= 4.0.2)
      activerecord (= 4.0.2)
      activesupport (= 4.0.2)
      bundler (>= 1.3.0, < 2.0)
      railties (= 4.0.2)
      sprockets-rails (~> 2.0.0)
    railties (4.0.2)
      actionpack (= 4.0.2)
      activesupport (= 4.0.2)
      rake (>= 0.8.7)
      thor (>= 0.18.1, < 2.0)
    raindrops (0.12.0)
    rake (10.1.1)
    redis (3.0.6)
    redis-namespace (1.4.1)
      redis (~> 3.0.4)
    request_store (1.0.5)
    rspec-core (2.14.7)
    rspec-expectations (2.14.4)
      diff-lcs (>= 1.1.3, < 2.0)
    rspec-mocks (2.14.4)
    rspec-rails (2.14.1)
      actionpack (>= 3.0)
      activemodel (>= 3.0)
      activesupport (>= 3.0)
      railties (>= 3.0)
      rspec-core (~> 2.14.0)
      rspec-expectations (~> 2.14.0)
      rspec-mocks (~> 2.14.0)
    sass (3.2.13)
    sass-rails (4.0.1)
      railties (>= 4.0.0, < 5.0)
      sass (>= 3.1.10)
      sprockets-rails (~> 2.0.0)
    sidekiq (2.17.3)
      celluloid (>= 0.15.2)
      connection_pool (>= 1.0.0)
      json
      redis (>= 3.0.6)
      redis-namespace (>= 1.3.1)
    simple_form (3.0.1)
      actionpack (>= 4.0.0, < 4.1)
      activemodel (>= 4.0.0, < 4.1)
    sinatra (1.4.4)
      rack (~> 1.4)
      rack-protection (~> 1.4)
      tilt (~> 1.3, >= 1.3.4)
    sprockets (2.10.1)
      hike (~> 1.2)
      multi_json (~> 1.0)
      rack (~> 1.0)
      tilt (~> 1.1, != 1.3.0)
    sprockets-rails (2.0.1)
      actionpack (>= 3.0)
      activesupport (>= 3.0)
      sprockets (~> 2.8)
    sshkit (1.3.0)
      net-scp (>= 1.1.2)
      net-ssh
      term-ansicolor
    term-ansicolor (1.2.2)
      tins (~> 0.8)
    thor (0.18.1)
    thread_safe (0.1.3)
      atomic
    tilt (1.4.1)
    timers (1.1.0)
    tins (0.13.1)
    treetop (1.4.15)
      polyglot
      polyglot (>= 0.3.1)
    tzinfo (0.3.38)
    uglifier (2.4.0)
      execjs (>= 0.3.0)
      json (>= 1.8.0)
    unicorn (4.8.0)
      kgio (~> 2.6)
      rack
      raindrops (~> 0.7)
    warden (1.2.3)
      rack (>= 1.0)
    xpath (2.0.0)
      nokogiri (~> 1.3)

PLATFORMS
  ruby

DEPENDENCIES
  acts_as_tenant!
  annotate
  bootstrap-sass (= 2.3.2.2)
  capistrano (= 3.1.0)
  capistrano-bundler (= 1.1.1)
  capistrano-chruby!
  capistrano-rails (= 1.1.1)
  capybara
  chronic
  coffee-rails
  debugger
  devise
  devise-async
  dotenv-rails
  factory_girl_rails
  jquery-rails
  jquery-ui-rails
  letter_opener
  paper_trail
  pg (= 0.17.1)
  postmark-rails
  pundit
  quiet_assets
  rails (= 4.0.2)
  rspec-rails
  sass-rails
  sidekiq
  simple_form
  sinatra
  uglifier
  unicorn
